PATH
  remote: .
  specs:
    spreadshot (0.1.0)
      rubyXL (~> 3.3.33)
      smarter_csv (~> 1.2.6)

GEM
  remote: https://rubygems.org/
  specs:
    byebug (11.0.1)
    diff-lcs (1.3)
    mini_portile2 (2.4.0)
    nokogiri (1.10.4)
      mini_portile2 (~> 2.4.0)
    rake (10.5.0)
    rspec (3.9.0)
      rspec-core (~> 3.9.0)
      rspec-expectations (~> 3.9.0)
      rspec-mocks (~> 3.9.0)
    rspec-core (3.9.0)
      rspec-support (~> 3.9.0)
    rspec-expectations (3.9.0)
      diff-lcs (>= 1.2.0, < 2.0)
      rspec-support (~> 3.9.0)
    rspec-mocks (3.9.0)
      diff-lcs (>= 1.2.0, < 2.0)
      rspec-support (~> 3.9.0)
    rspec-support (3.9.0)
    rubyXL (3.3.33)
      nokogiri (>= 1.4.4)
      rubyzip (>= 1.1.6)
    rubyzip (2.0.0)
    smarter_csv (1.2.6)

PLATFORMS
  ruby

DEPENDENCIES
  bundler (~> 2.0)
  byebug (~> 11.0)
  rake (~> 10.0)
  rspec (~> 3.0)
  spreadshot!

BUNDLED WITH
   2.0.2
